GEM
  remote: https://rubygems.org/
  specs:
    alchemy-api-rb (0.6.0)
      excon (~> 0.28)
      faraday (~> 0.9.0)
    excon (0.48.0)
    faraday (0.9.2)
      multipart-post (>= 1.2, < 3)
    kgio (2.10.0)
    multipart-post (2.0.0)
    rack (1.6.4)
    rack-protection (1.5.3)
      rack
    raindrops (0.16.0)
    sinatra (1.4.7)
      rack (~> 1.5)
      rack-protection (~> 1.4)
      tilt (>= 1.3, < 3)
    tilt (2.0.2)
    unicorn (5.0.1)
      kgio (~> 2.6)
      rack
      raindrops (~> 0.7)

PLATFORMS
  ruby

DEPENDENCIES
  alchemy-api-rb
  sinatra
  unicorn

BUNDLED WITH
   1.11.2
