GIT
  remote: https://github.com/stretcher/stretcher.git
  revision: 2ae1b4b012e7d66dfd6028da77a948c55b36fb80
  specs:
    stretcher (1.21.1)
      excon (>= 0.16)
      faraday (~> 0.8)
      faraday_middleware (~> 0.9)
      hashie (>= 1.2.0)
      multi_json (>= 1.4.0)

GEM
  remote: https://rubygems.org/
  specs:
    alchemy-api-rb (0.6.0)
      excon (~> 0.28)
      faraday (~> 0.9.0)
    concurrent-ruby (1.0.1)
    connection_pool (2.2.0)
    excon (0.48.0)
    faraday (0.9.2)
      multipart-post (>= 1.2, < 3)
    faraday_middleware (0.10.0)
      faraday (>= 0.7.4, < 0.10)
    hashie (3.4.3)
    kgio (2.10.0)
    multi_json (1.11.2)
    multipart-post (2.0.0)
    rack (1.6.4)
    rack-protection (1.5.3)
      rack
    raindrops (0.16.0)
    redis (3.2.2)
    sidekiq (4.1.1)
      concurrent-ruby (~> 1.0)
      connection_pool (~> 2.2, >= 2.2.0)
      redis (~> 3.2, >= 3.2.1)
    sinatra (1.4.7)
      rack (~> 1.5)
      rack-protection (~> 1.4)
      tilt (>= 1.3, < 3)
    tilt (2.0.2)
    unicorn (5.0.1)
      kgio (~> 2.6)
      rack
      raindrops (~> 0.7)

PLATFORMS
  ruby

DEPENDENCIES
  alchemy-api-rb
  sidekiq
  sinatra
  stretcher!
  unicorn

BUNDLED WITH
   1.11.2
